PATH
  remote: .
  specs:
    imgkit (1.6.3)

GEM
  remote: https://rubygems.org/
  specs:
    diff-lcs (1.5.0)
    mocha (2.1.0)
      ruby2_keywords (>= 0.0.5)
    rack (3.0.8)
    rake (13.0.6)
    rspec (3.12.0)
      rspec-core (~> 3.12.0)
      rspec-expectations (~> 3.12.0)
      rspec-mocks (~> 3.12.0)
    rspec-core (3.12.2)
      rspec-support (~> 3.12.0)
    rspec-expectations (3.12.3)
      diff-lcs (>= 1.2.0, < 2.0)
      rspec-support (~> 3.12.0)
    rspec-mocks (3.12.6)
      diff-lcs (>= 1.2.0, < 2.0)
      rspec-support (~> 3.12.0)
    rspec-support (3.12.1)
    ruby2_keywords (0.0.5)
    wkhtmltoimage-binary (0.12.5)

PLATFORMS
  ruby

DEPENDENCIES
  imgkit!
  mocha
  rack (>= 1.6.11)
  rake
  rspec (~> 3)
  rspec-core (~> 3)
  wkhtmltoimage-binary

BUNDLED WITH
   2.1.4
